GEM
  remote: https://rubygems.org/
  specs:
    brakeman (4.3.1)
    json (2.7.2)

PLATFORMS
  ruby

DEPENDENCIES
  brakeman (= 4.3.1)
  json (= 2.7.2)

BUNDLED WITH
   2.5.11
